{
	"Modality": "MR",
	"MagneticFieldStrength": 3,
	"ImagingFrequency": 123.24,
	"Manufacturer": "Siemens",
	"ManufacturersModelName": "Prisma",
	"InstitutionName": "BU",
	"InstitutionalDepartmentName": "Research",
	"InstitutionAddress": "Commonwealth Ave. 610,Boston,Massachusetts,US,02215",
	"DeviceSerialNumber": "166024",
	"StationName": "AWP166024-4CA74C",
	"BodyPartExamined": "BRAIN",
	"PatientPosition": "HFS",
	"ProcedureStepDescription": "INVESTIGATORS^Lewis",
	"SoftwareVersions": "syngo MR E11",
	"MRAcquisitionType": "2D",
	"SeriesDescription": "test_ep2d_bold_sms8_mgh_v24",
	"ProtocolName": "test_ep2d_bold_sms8_mgh_v24",
	"ScanningSequence": "EP",
	"SequenceVariant": "SK",
	"ScanOptions": "FS",
	"SequenceName": "epfSM2d1_92",
	"ImageType": ["ORIGINAL", "PRIMARY", "M", "ND", "MOSAIC"],
	"SeriesNumber": 10,
	"AcquisitionTime": "14:15:11.412500",
	"AcquisitionNumber": 1,
	"ImageComments": "SMS_MGH_V2.4; MB=8; FOVshift=4; K_PE=5; K_RO=5; CCR=1; LeakBlockOn;",
	"SliceThickness": 2.5,
	"SpacingBetweenSlices": 2.5,
	"SAR": 0.384246,
	"EchoTime": 0.031,
	"RepetitionTime": 0.358,
	"FlipAngle": 37,
	"PartialFourier": 1,
	"BaseResolution": 92,
	"ShimSetting": [
		-1026,
		-6556,
		3677,
		405,
		-45,
		-88,
		-89,
		25	],
	"TxRefAmp": 211.697,
	"PhaseResolution": 1,
	"ReceiveCoilName": "HeadNeck_64",
	"ReceiveCoilActiveElements": "HC1-7",
	"PulseSequenceDetails": "%CustomerSeq%\\ep2d_bold_sms_mgh_v24",
	"WipMemBlock": "6c1bb28a-c46e-412b-a0a3-26f9ff627d07",
	"ConsistencyInfo": "N4_VE11C_LATEST_20160120",
	"MultibandAccelerationFactor": 8,
	"PercentPhaseFOV": 100,
	"PercentSampling": 100,
	"EchoTrainLength": 92,
	"PhaseEncodingSteps": 92,
	"AcquisitionMatrixPE": 92,
	"ReconMatrixPE": 92,
	"BandwidthPerPixelPhaseEncode": 19.763,
	"EffectiveEchoSpacing": 0.000549996,
	"DerivedVendorReportedEchoSpacing": 0.000549996,
	"TotalReadoutTime": 0.0500496,
	"PixelBandwidth": 2860,
	"DwellTime": 1.9e-06,
	"PhaseEncodingDirection": "j-",
	"SliceTiming": [
		0.1425,
		0,
		0.215,
		0.07,
		0.285,
		0.1425,
		0,
		0.215,
		0.07,
		0.285,
		0.1425,
		0,
		0.215,
		0.07,
		0.285,
		0.1425,
		0,
		0.215,
		0.07,
		0.285,
		0.1425,
		0,
		0.215,
		0.07,
		0.285,
		0.1425,
		0,
		0.215,
		0.07,
		0.285,
		0.1425,
		0,
		0.215,
		0.07,
		0.285,
		0.1425,
		0,
		0.215,
		0.07,
		0.285	],
	"ImageOrientationPatientDICOM": [
		0.999999,
		0.00045584,
		0.00119112,
		-5.62299e-08,
		0.93396,
		-0.357378	],
	"InPlanePhaseEncodingDirectionDICOM": "COL",
	"ConversionSoftware": "dcm2niix",
	"ConversionSoftwareVersion": "v1.0.20210317"
}
