{
	"Modality": "MR",
	"MagneticFieldStrength": 3,
	"ImagingFrequency": 123.24,
	"Manufacturer": "Siemens",
	"ManufacturersModelName": "Prisma",
	"InstitutionName": "Boston University",
	"InstitutionalDepartmentName": "Research",
	"InstitutionAddress": "Commonwealth Ave. 610,Boston,Massachusetts,US,02215",
	"DeviceSerialNumber": "166024",
	"StationName": "AWP166024-4CA74C",
	"BodyPartExamined": "BRAIN",
	"PatientPosition": "HFS",
	"ProcedureStepDescription": "INVESTIGATORS^Lewis",
	"SoftwareVersions": "syngo MR E11",
	"MRAcquisitionType": "2D",
	"SeriesDescription": "test_ep2d_bold_sms8_mgh_v24",
	"ProtocolName": "test_ep2d_bold_sms8_mgh_v24",
	"ScanningSequence": "EP",
	"SequenceVariant": "SK",
	"ScanOptions": "FS",
	"SequenceName": "epfSM2d1_92",
	"ImageType": ["ORIGINAL", "PRIMARY", "M", "ND", "MOSAIC"],
	"SeriesNumber": 11,
	"AcquisitionTime": "14:58:8.340000",
	"AcquisitionNumber": 1,
	"ImageComments": "SMS_MGH_V2.4; MB=8; FOVshift=4; K_PE=5; K_RO=5; CCR=1; LeakBlockOn;",
	"SliceThickness": 2.5,
	"SpacingBetweenSlices": 2.5,
	"SAR": 0.5496,
	"EchoTime": 0.031,
	"RepetitionTime": 0.358,
	"FlipAngle": 34,
	"PartialFourier": 1,
	"BaseResolution": 92,
	"ShimSetting": [
		-1028,
		-6588,
		3678,
		359,
		-50,
		-164,
		192,
		61	],
	"TxRefAmp": 274.997,
	"PhaseResolution": 1,
	"ReceiveCoilName": "HeadNeck_64",
	"ReceiveCoilActiveElements": "HC1-7",
	"PulseSequenceDetails": "%CustomerSeq%\\ep2d_bold_sms_mgh_v24",
	"WipMemBlock": "9755b1a9-9dd9-4f47-b4da-18223563343c",
	"ConsistencyInfo": "N4_VE11C_LATEST_20160120",
	"MultibandAccelerationFactor": 8,
	"PercentPhaseFOV": 100,
	"PercentSampling": 100,
	"EchoTrainLength": 92,
	"PhaseEncodingSteps": 92,
	"AcquisitionMatrixPE": 92,
	"ReconMatrixPE": 92,
	"BandwidthPerPixelPhaseEncode": 19.763,
	"EffectiveEchoSpacing": 0.000549996,
	"DerivedVendorReportedEchoSpacing": 0.000549996,
	"TotalReadoutTime": 0.0500496,
	"PixelBandwidth": 2860,
	"DwellTime": 1.9e-06,
	"PhaseEncodingDirection": "j-",
	"SliceTiming": [
		0.145,
		0,
		0.215,
		0.0725,
		0.2875,
		0.145,
		0,
		0.215,
		0.0725,
		0.2875,
		0.145,
		0,
		0.215,
		0.0725,
		0.2875,
		0.145,
		0,
		0.215,
		0.0725,
		0.2875,
		0.145,
		0,
		0.215,
		0.0725,
		0.2875,
		0.145,
		0,
		0.215,
		0.0725,
		0.2875,
		0.145,
		0,
		0.215,
		0.0725,
		0.2875,
		0.145,
		0,
		0.215,
		0.0725,
		0.2875	],
	"ImageOrientationPatientDICOM": [
		0.999892,
		-0.00600379,
		-0.0134112,
		3.67858e-08,
		0.912716,
		-0.408594	],
	"InPlanePhaseEncodingDirectionDICOM": "COL",
	"ConversionSoftware": "dcm2niix",
	"ConversionSoftwareVersion": "v1.0.20210317"
}
