{
	"Modality": "MR",
	"MagneticFieldStrength": 3,
	"ImagingFrequency": 123.24,
	"Manufacturer": "Siemens",
	"ManufacturersModelName": "Prisma",
	"InstitutionName": "BU",
	"InstitutionalDepartmentName": "Research",
	"InstitutionAddress": "Commonwealth Ave. 610,Boston,Massachusetts,US,02215",
	"DeviceSerialNumber": "166024",
	"StationName": "AWP166024-4CA74C",
	"BodyPartExamined": "BRAIN",
	"PatientPosition": "HFS",
	"ProcedureStepDescription": "INVESTIGATORS^Lewis",
	"SoftwareVersions": "syngo MR E11",
	"MRAcquisitionType": "3D",
	"SeriesDescription": "T1_MEMPRAGE_1.0mm_p2 RMS",
	"ProtocolName": "T1_MEMPRAGE_1.0mm_p2",
	"ScanningSequence": "GR\\IR",
	"SequenceVariant": "SK\\SP\\MP",
	"ScanOptions": "IR",
	"SequenceName": "tfl3d4_16ns",
	"ImageType": ["ORIGINAL", "PRIMARY", "OTHER", "ND", "NORM", "MEAN"],
	"SeriesNumber": 7,
	"AcquisitionTime": "13:54:44.325000",
	"AcquisitionNumber": 1,
	"SliceThickness": 1,
	"SAR": 0.0364999,
	"NumberOfAverages": 4,
	"EchoTime": 0.00169,
	"RepetitionTime": 2.2,
	"InversionTime": 1.1,
	"FlipAngle": 7,
	"PartialFourier": 1,
	"BaseResolution": 256,
	"ShimSetting": [
		-1040,
		-6594,
		3536,
		-103,
		4,
		-345,
		-41,
		2	],
	"TxRefAmp": 211.697,
	"PhaseResolution": 1,
	"ReceiveCoilName": "HeadNeck_64",
	"ReceiveCoilActiveElements": "HC1-7;NC1",
	"PulseSequenceDetails": "%CustomerSeq%\\tfl_mgh_epinav_ABCD",
	"WipMemBlock": "Prisma_epi_moco_navigator_ABCD_tfl.prot",
	"RefLinesPE": 32,
	"ConsistencyInfo": "N4_VE11C_LATEST_20160120",
	"PercentPhaseFOV": 100,
	"PercentSampling": 100,
	"PhaseEncodingSteps": 255,
	"AcquisitionMatrixPE": 256,
	"ReconMatrixPE": 256,
	"ParallelReductionFactorInPlane": 2,
	"PixelBandwidth": 650,
	"DwellTime": 3e-06,
	"ImageOrientationPatientDICOM": [
		0.0333741,
		0.983731,
		-0.176519,
		-0.0303396,
		-0.175538,
		-0.984005	],
	"InPlanePhaseEncodingDirectionDICOM": "ROW",
	"ConversionSoftware": "dcm2niix",
	"ConversionSoftwareVersion": "v1.0.20210317"
}
